{
    "Modality": "MR",
    "MagneticFieldStrength": 3,
    "ImagingFrequency": 127.769,
    "Manufacturer": "GE",
    "ManufacturersModelName": "DISCOVERY_MR750",
    "InstitutionName": "Institute_of_Psychology_CAS",
    "DeviceSerialNumber": "0000082427040148",
    "StationName": "GEHCGEHC",
    "PatientPosition": "HFS",
    "SoftwareVersions": "24_LX_MR_Software_release:DV24.0_R01_1344.a",
    "MRAcquisitionType": "2D",
    "ScanningSequence": "EP_GR",
    "SequenceVariant": "SS",
    "ScanOptions": "EPI_GEMS_ACC_GEMS",
    "ImageType": [
        "ORIGINAL",
        "PRIMARY",
        "EPI",
        "NONE"
    ],
    "SeriesNumber": 3,
    "AcquisitionTime": "09:08:25.000000",
    "AcquisitionNumber": 1,
    "SliceThickness": 3,
    "SpacingBetweenSlices": 3,
    "SAR": 0.251963,
    "EchoTime": 0.03,
    "RepetitionTime": 2,
    "FlipAngle": 70,
    "PhaseEncodingPolarityGE": "Unflipped",
    "CoilString": "8HRBRAIN",
    "PercentPhaseFOV": 100,
    "AcquisitionMatrixPE": 64,
    "ReconMatrixPE": 64,
    "EffectiveEchoSpacing": 0.000468,
    "TotalReadoutTime": 0.029484,
    "PixelBandwidth": 7812.5,
    "PhaseEncodingDirection": "j-",
    "SliceTiming": [
        1.9523,
        0.9524,
        1.9047,
        0.9047,
        1.8571,
        0.8571,
        1.8095,
        0.8095,
        1.7619,
        0.7619,
        1.7143,
        0.7143,
        1.6666,
        0.6666,
        1.619,
        0.619,
        1.5714,
        0.5714,
        1.5238,
        0.5238,
        1.4762,
        0.4762,
        1.4286,
        0.4285,
        1.3809,
        0.3809,
        1.3333,
        0.3333,
        1.2857,
        0.2857,
        1.2381,
        0.2381,
        1.1905,
        0.1904,
        1.1428,
        0.1428,
        1.0952,
        0.0952001,
        1.0476,
        0.0476,
        1,
        0
    ],
    "ImageOrientationPatientDICOM": [
        0.999999,
        0,
        -0.00113503,
        0,
        1,
        0
    ],
    "InPlanePhaseEncodingDirectionDICOM": "COL",
    "ConversionSoftware": "dcm2niix",
    "ConversionSoftwareVersion": "v1.0.20181114  GCC7.3.0",
    "TaskName": "Chinese-listen"
}